PATH
  remote: .
  specs:
    national_holidays (4.0.0)
      countries (~> 7.0)

GEM
  remote: https://rubygems.org/
  specs:
    ast (2.4.2)
    countries (7.0.0)
      unaccent (~> 0.3)
    minitest (5.20.0)
    parallel (1.24.0)
    parser (3.2.2.4)
      ast (~> 2.4.1)
      racc
    racc (1.7.3)
    rainbow (3.1.1)
    rake (12.3.3)
    regexp_parser (2.8.3)
    rexml (3.2.8)
      strscan (>= 3.0.9)
    rubocop (0.93.1)
      parallel (~> 1.10)
      parser (>= 2.7.1.5)
      rainbow (>= 2.2.2, < 4.0)
      regexp_parser (>= 1.8)
      rexml
      rubocop-ast (>= 0.6.0)
      ruby-progressbar (~> 1.7)
      unicode-display_width (>= 1.4.0, < 2.0)
    rubocop-ast (1.30.0)
      parser (>= 3.2.1.0)
    ruby-progressbar (1.13.0)
    strscan (3.1.0)
    unaccent (0.4.0)
    unicode-display_width (1.8.0)

PLATFORMS
  arm64-darwin-21
  ruby

DEPENDENCIES
  minitest (~> 5.11)
  national_holidays!
  rake (~> 12.3)
  rubocop (~> 0.56)

BUNDLED WITH
   2.3.11
