PATH
  remote: .
  specs:
    national_holidays (2.0.0)
      countries (~> 2.1)

GEM
  remote: https://rubygems.org/
  specs:
    ast (2.4.2)
    concurrent-ruby (1.1.10)
    countries (2.1.4)
      i18n_data (~> 0.8.0)
      money (~> 6.9)
      sixarm_ruby_unaccent (~> 1.1)
      unicode_utils (~> 1.4)
    i18n (1.12.0)
      concurrent-ruby (~> 1.0)
    i18n_data (0.8.0)
    minitest (5.16.3)
    money (6.16.0)
      i18n (>= 0.6.4, <= 2)
    parallel (1.22.1)
    parser (3.1.2.1)
      ast (~> 2.4.1)
    rainbow (3.1.1)
    rake (12.3.3)
    regexp_parser (2.6.1)
    rexml (3.2.5)
    rubocop (0.93.1)
      parallel (~> 1.10)
      parser (>= 2.7.1.5)
      rainbow (>= 2.2.2, < 4.0)
      regexp_parser (>= 1.8)
      rexml
      rubocop-ast (>= 0.6.0)
      ruby-progressbar (~> 1.7)
      unicode-display_width (>= 1.4.0, < 2.0)
    rubocop-ast (1.23.0)
      parser (>= 3.1.1.0)
    ruby-progressbar (1.11.0)
    sixarm_ruby_unaccent (1.2.0)
    unicode-display_width (1.8.0)
    unicode_utils (1.4.0)

PLATFORMS
  arm64-darwin-21

DEPENDENCIES
  minitest (~> 5.11)
  national_holidays!
  rake (~> 12.3)
  rubocop (~> 0.56)

BUNDLED WITH
   2.3.26
